GEM
  remote: https://rubygems.org/
  specs:
    thrift (0.9.2.0)

PLATFORMS
  ruby

DEPENDENCIES
  thrift (= 0.9.2)

BUNDLED WITH
   1.10.6
